GEM
  remote: https://rubygems.org/
  specs:
    minitest (5.9.0)
    rake (11.1.2)

PLATFORMS
  ruby

DEPENDENCIES
  minitest (~> 5.9)
  rake (~> 11.1, >= 11.1.2)

BUNDLED WITH
   1.12.3
